GEM
  remote: https://rubygems.org/
  specs:
    ansi (1.5.0)
    ast (2.4.0)
    builder (3.2.3)
    coderay (1.1.2)
    concurrent-ruby (1.0.5)
    connection_pool (2.2.2)
    et-orbi (1.1.4)
      tzinfo
    faker (1.9.1)
      i18n (>= 0.7)
    faraday (0.15.2)
      multipart-post (>= 1.2, < 3)
    ffi (1.9.25)
    fugit (1.1.5)
      et-orbi (~> 1.1, >= 1.1.3)
      raabro (~> 1.1)
    i18n (1.1.0)
      concurrent-ruby (~> 1.0)
    iso8601 (0.12.0)
    jaro_winkler (1.5.1)
    levenshtein-ffi (1.1.0)
      ffi (~> 1.9)
    listen (3.1.5)
      rb-fsevent (~> 0.9, >= 0.9.4)
      rb-inotify (~> 0.9, >= 0.9.7)
      ruby_dep (~> 1.2)
    method_source (0.9.0)
    minitest (5.11.3)
    minitest-reporters (1.3.1)
      ansi
      builder
      minitest (>= 5.0)
      ruby-progressbar
    multipart-post (2.0.0)
    mustermann (1.0.2)
    parallel (1.12.1)
    parser (2.5.1.2)
      ast (~> 2.4.0)
    powerpack (0.1.2)
    pry (0.11.3)
      coderay (~> 1.1.0)
      method_source (~> 0.9.0)
    puma (3.12.0)
    raabro (1.1.6)
    rack (2.0.5)
    rack-protection (2.0.3)
      rack
    rainbow (3.0.0)
    rake (12.3.1)
    rb-fsevent (0.10.3)
    rb-inotify (0.9.10)
      ffi (>= 0.5.0, < 2)
    redis (4.0.1)
    rerun (0.13.0)
      listen (~> 3.0)
    rubocop (0.58.2)
      jaro_winkler (~> 1.5.1)
      parallel (~> 1.10)
      parser (>= 2.5, != 2.5.1.1)
      powerpack (~> 0.1)
      rainbow (>= 2.2.2, < 4.0)
      ruby-progressbar (~> 1.7)
      unicode-display_width (~> 1.0, >= 1.0.1)
    ruby-progressbar (1.10.0)
    ruby_dep (1.5.0)
    rufus-scheduler (3.5.2)
      fugit (~> 1.1, >= 1.1.5)
    sequel (5.11.0)
    sidekiq (5.2.1)
      connection_pool (~> 2.2, >= 2.2.2)
      rack-protection (>= 1.5.0)
      redis (>= 3.3.5, < 5)
    sidekiq-scheduler (3.0.0)
      redis (>= 3, < 5)
      rufus-scheduler (~> 3.2)
      sidekiq (>= 3)
      tilt (>= 1.4.0)
    sinatra (2.0.3)
      mustermann (~> 1.0)
      rack (~> 2.0)
      rack-protection (= 2.0.3)
      tilt (~> 2.0)
    sqlite3 (1.3.13)
    tilt (2.0.8)
    tzinfo (0.3.54)
    unicode-display_width (1.4.0)

PLATFORMS
  ruby

DEPENDENCIES
  faker
  faraday
  iso8601
  levenshtein-ffi
  minitest
  minitest-reporters
  pry
  puma
  rake
  rerun
  rubocop
  sequel
  sidekiq
  sidekiq-scheduler
  sinatra
  sqlite3
  tzinfo (~> 0.3)

BUNDLED WITH
   1.16.1
